PATH
  remote: .
  specs:
    roger_babeljs (0.0.0)
      babel-transpiler (>= 0.7.0)
      roger (>= 0.11.0)
      therubyracer (>= 0.12.2)

GEM
  remote: https://rubygems.org/
  specs:
    ast (2.0.0)
    astrolabe (1.3.0)
      parser (>= 2.2.0.pre.3, < 3.0)
    babel-source (5.2.17)
    babel-transpiler (0.7.0)
      babel-source (>= 4.0, < 6)
      execjs (~> 2.0)
    execjs (2.5.2)
    hpricot (0.8.6)
    libv8 (3.16.14.7)
    mime-types (2.5)
    parser (2.2.2.2)
      ast (>= 1.1, < 3.0)
    powerpack (0.1.1)
    rack (1.6.1)
    rainbow (2.0.0)
    rake (10.3.1)
    redcarpet (3.2.3)
    ref (1.0.5)
    roger (1.0.0)
      hpricot (>= 0.6.4)
      mime-types (~> 2.2)
      rack (>= 1.0.0)
      redcarpet (>= 3.1.1)
      thor (~> 0.19.0)
      tilt (~> 2.0.1)
    rubocop (0.31.0)
      astrolabe (~> 1.3)
      parser (>= 2.2.2.1, < 3.0)
      powerpack (~> 0.1)
      rainbow (>= 1.99.1, < 3.0)
      ruby-progressbar (~> 1.4)
    ruby-progressbar (1.7.5)
    therubyracer (0.12.2)
      libv8 (~> 3.16.14.0)
      ref
    thor (0.19.1)
    tilt (2.0.1)

PLATFORMS
  ruby

DEPENDENCIES
  rake
  roger
  roger_babeljs!
  rubocop
